GEM
  remote: https://rubygems.org/
  specs:
    bson (1.9.2)
    highline (1.6.20)
    mongo (1.9.2)
      bson (~> 1.9.2)
    trollop (2.0)

PLATFORMS
  ruby

DEPENDENCIES
  highline
  mongo
  trollop
